SPECIFIC-VERSION: FALSE
RESTRICTION: == net452
NUGET
  remote: https://www.nuget.org/api/v2
    7-Zip.CommandLine (9.20)
    Costura.Fody (1.6.2)
      Fody (>= 2.0 < 3.0)
    Fody (2.3.23)
    gitlink (2.4)
    Newtonsoft.Json (10.0.3)
    NuGet.CommandLine (4.4.1)
