SPECIFIC-VERSION: FALSE
RESTRICTION: >= net45
NUGET
  remote: https://www.nuget.org/api/v2
    7-Zip.CommandLine (18.1)
    Costura.Fody (3.1)
      Fody (>= 3.1.3) - restriction: >= net46
    Fody (3.1.4) - restriction: >= net46
    gitlink (3.1)
    NuGet.CommandLine (4.7)
